GEM
  remote: https://rubygems.org/
  specs:
    ffi (1.13.1)

PLATFORMS
  ruby

DEPENDENCIES
  ffi

RUBY VERSION
   ruby 2.7.1p83

BUNDLED WITH
   2.1.4
