GEM
  remote: https://rubygems.org/
  specs:
    ffi (1.10.0)

PLATFORMS
  ruby

DEPENDENCIES
  ffi

RUBY VERSION
   ruby 2.6.5p114

BUNDLED WITH
   2.1.4
